PATH
  remote: .
  specs:
    autoit (0.2.0)
      os

GEM
  remote: https://rubygems.org/
  specs:
    ast (2.4.0)
    byebug (10.0.2)
    minitest (5.11.3)
    os (1.0.0)
    parallel (1.12.1)
    parser (2.5.3.0)
      ast (~> 2.4.0)
    powerpack (0.1.2)
    rainbow (2.2.2)
      rake
    rake (10.5.0)
    rubocop (0.49.1)
      parallel (~> 1.10)
      parser (>= 2.3.3.1, < 3.0)
      powerpack (~> 0.1)
      rainbow (>= 1.99.1, < 3.0)
      ruby-progressbar (~> 1.7)
      unicode-display_width (~> 1.0, >= 1.0.1)
    ruby-progressbar (1.10.0)
    unicode-display_width (1.4.0)

PLATFORMS
  x64-mingw32

DEPENDENCIES
  autoit!
  bundler (~> 1.16)
  byebug (~> 10.0)
  minitest (~> 5.0)
  rake (~> 10.0)
  rubocop (>= 0.49.0)

BUNDLED WITH
   1.16.6
